GEM
  remote: https://rubygems.org/
  specs:
    nio4r (2.5.8)
    puma (5.6.4)
      nio4r (~> 2.0)
    rack (2.1.4)
    rake (12.3.3)

PLATFORMS
  ruby

DEPENDENCIES
  puma (> 0)
  rack (= 2.1.4)
  rake

BUNDLED WITH
   2.3.3
